GIT
  remote: https://github.com/ClearlyClaire/webpush.git
  revision: f14a4d52e201128b1b00245d11b6de80d6cfdcd9
  ref: f14a4d52e201128b1b00245d11b6de80d6cfdcd9
  specs:
    webpush (0.3.8)
      hkdf (~> 0.2)
      jwt (~> 2.0)

GIT
  remote: https://github.com/jhawthorn/nsa.git
  revision: e020fcc3a54d993ab45b7194d89ab720296c111b
  ref: e020fcc3a54d993ab45b7194d89ab720296c111b
  specs:
    nsa (0.2.8)
      activesupport (>= 4.2, < 7.2)
      concurrent-ruby (~> 1.0, >= 1.0.2)
      sidekiq (>= 3.5)
      statsd-ruby (~> 1.4, >= 1.4.0)

GIT
  remote: https://github.com/mastodon/rails-settings-cached.git
  revision: 86328ef0bd04ce21cc0504ff5e334591e8c2ccab
  branch: v0.6.6-aliases-true
  specs:
    rails-settings-cached (0.6.6)
      rails (>= 4.2.0)

GIT
  remote: https://github.com/stanhu/omniauth-cas.git
  revision: 4211e6d05941b4a981f9a36b49ec166cecd0e271
  ref: 4211e6d05941b4a981f9a36b49ec166cecd0e271
  specs:
    omniauth-cas (2.0.0)
      addressable (~> 2.3)
      nokogiri (~> 1.5)
      omniauth (>= 1.2, < 3)

GEM
  remote: https://rubygems.org/
  specs:
    actioncable (7.1.2)
      actionpack (= 7.1.2)
      activesupport (= 7.1.2)
      nio4r (~> 2.0)
      websocket-driver (>= 0.6.1)
      zeitwerk (~> 2.6)
    actionmailbox (7.1.2)
      actionpack (= 7.1.2)
      activejob (= 7.1.2)
      activerecord (= 7.1.2)
      activestorage (= 7.1.2)
      activesupport (= 7.1.2)
      mail (>= 2.7.1)
      net-imap
      net-pop
      net-smtp

PLATFORMS
  x86_64-darwin-22

DEPENDENCIES
  bundler (~> 2)
  lapidario!
  pry (~> 0.14)
  rake (~> 13.0)
  rspec (~> 3.0)
  rubocop (~> 1.21)

BUNDLED WITH
   2.4.10
